GIT
  remote: git://github.com/mikemcquaid/guard-webrick.git
  revision: 84d116bc2894bcc17645cb23f04aa0642fd1191e
  branch: support-newer-guard
  specs:
    guard-webrick (0.1.5.dev)
      ffi
      guard (>= 1.0)
      launchy (~> 2.1.0)
      spoon (~> 0.0.1)

GEM
  remote: http://rubygems.org/
  specs:
    addressable (2.3.6)
    adsf (1.2.0)
      rack (>= 1.0.0)
    celluloid (0.15.2)
      timers (~> 1.1.0)
    celluloid-io (0.15.0)
      celluloid (>= 0.15.0)
      nio4r (>= 0.5.0)
    chunky_png (1.3.0)
    coderay (1.1.0)
    colored (1.2)
    compass (0.12.5)
      chunky_png (~> 1.2)
      fssm (>= 0.2.7)
      sass (~> 3.2.19)
    cri (2.6.0)
      colored (~> 1.2)
    em-websocket (0.5.0)
      eventmachine (>= 0.12.9)
      http_parser.rb (~> 0.5.3)
    eventmachine (1.0.3)
    ffi (1.9.3)
    formatador (0.2.4)
    fssm (0.2.10)
    guard (2.6.0)
      formatador (>= 0.2.4)
      listen (~> 2.7)
      lumberjack (~> 1.0)
      pry (>= 0.9.12)
      thor (>= 0.18.1)
    guard-livereload (2.1.2)
      em-websocket (~> 0.5)
      guard (~> 2.0)
      multi_json (~> 1.8)
    guard-nanoc (1.0.2)
      guard (>= 1.8.0)
      nanoc (>= 3.6.3)
    guard-shell (0.6.1)
      guard (>= 1.1.0)
    http_parser.rb (0.5.3)
    kramdown (1.3.3)
    launchy (2.1.2)
      addressable (~> 2.3)
    listen (2.7.1)
      celluloid (>= 0.15.2)
      celluloid-io (>= 0.15.0)
      rb-fsevent (>= 0.9.3)
      rb-inotify (>= 0.9)
    lumberjack (1.0.5)
    method_source (0.8.2)
    multi_json (1.9.2)
    nanoc (3.6.8)
      cri (~> 2.3)
    nio4r (1.0.0)
    pry (0.9.12.6)
      coderay (~> 1.0)
      method_source (~> 0.8)
      slop (~> 3.4)
    rack (1.5.2)
    rb-fsevent (0.9.4)
    rb-inotify (0.9.3)
      ffi (>= 0.5.0)
    sass (3.2.19)
    slop (3.5.0)
    spoon (0.0.4)
      ffi
    thor (0.19.1)
    timers (1.1.0)

PLATFORMS
  ruby

DEPENDENCIES
  adsf
  compass
  guard
  guard-livereload
  guard-nanoc
  guard-shell
  guard-webrick!
  kramdown
  nanoc
